GIT
  remote: git://github.com/paulsingh/angellist-api.git
  revision: 78c6f24f04a81c7cef92feb835d0b5aaf8bf108f
  specs:
    angellist_api (0.1.1)
      faraday (~> 0.7.4)
      faraday_middleware (~> 0.7.0)
      hashie (~> 1.1.0)
      multi_json (~> 1.0.0)

GEM
  remote: http://rubygems.org/
  specs:
    XMLCanonicalizer (1.0.1)
      log4r (>= 1.0.4)
    actionmailer (3.1.3)
      actionpack (= 3.1.3)
      mail (~> 2.3.0)
    actionpack (3.1.3)
      activemodel (= 3.1.3)
      activesupport (= 3.1.3)
      builder (~> 3.0.0)
      erubis (~> 2.7.0)
      i18n (~> 0.6)
      rack (~> 1.3.5)
      rack-cache (~> 1.1)
      rack-mount (~> 0.8.2)
      rack-test (~> 0.6.1)
      sprockets (~> 2.0.3)
    activemodel (3.1.3)
      activesupport (= 3.1.3)
      builder (~> 3.0.0)
      i18n (~> 0.6)
    activerecord (3.1.3)
      activemodel (= 3.1.3)
      activesupport (= 3.1.3)
      arel (~> 2.2.1)
      tzinfo (~> 0.3.29)
    activeresource (3.1.3)
      activemodel (= 3.1.3)
      activesupport (= 3.1.3)
    activesupport (3.1.3)
      multi_json (~> 1.0)
    addressable (2.2.6)
    arel (2.2.1)
    builder (3.0.0)
    chunky_png (1.2.5)
    coffee-rails (3.1.1)
      coffee-script (>= 2.2.0)
      railties (~> 3.1.0)
    coffee-script (2.2.0)
      coffee-script-source
      execjs
    coffee-script-source (1.2.0)
    compass (0.12.alpha.4)
      chunky_png (~> 1.2)
      fssm (>= 0.2.7)
      sass (~> 3.1)
    diff-lcs (1.1.3)
    erubis (2.7.0)
    execjs (1.2.13)
      multi_json (~> 1.0)
    faraday (0.7.5)
      addressable (~> 2.2.6)
      multipart-post (~> 1.1.3)
      rack (>= 1.1.0, < 2)
    faraday_middleware (0.7.0)
      faraday (~> 0.7.3)
    fssm (0.2.8.1)
    haml (3.1.4)
    haml-rails (0.3.4)
      actionpack (~> 3.0)
      activesupport (~> 3.0)
      haml (~> 3.0)
      railties (~> 3.0)
    hashie (1.1.0)
    hike (1.2.1)
    i18n (0.6.0)
    jquery-rails (1.0.19)
      railties (~> 3.0)
      thor (~> 0.14)
    json (1.6.4)
    kgio (2.7.2)
    log4r (1.1.10)
    macaddr (1.5.0)
      systemu (>= 2.4.0)
    mail (2.3.0)
      i18n (>= 0.4.0)
      mime-types (~> 1.16)
      treetop (~> 1.4.8)
    mime-types (1.17.2)
    multi_json (1.0.4)
    multi_xml (0.4.1)
    multipart-post (1.1.4)
    net-ldap (0.2.2)
    nokogiri (1.5.0)
    oa-basic (0.3.2)
      oa-core (= 0.3.2)
      rest-client (~> 1.6.0)
    oa-core (0.3.2)
    oa-enterprise (0.3.2)
      XMLCanonicalizer (~> 1.0.1)
      addressable (~> 2.2.6)
      net-ldap (~> 0.2.2)
      nokogiri (~> 1.5.0)
      oa-core (= 0.3.2)
      pyu-ruby-sasl (~> 0.0.3.1)
      rubyntlm (~> 0.1.1)
      uuid
    oa-more (0.3.2)
      multi_json (~> 1.0.0)
      oa-core (= 0.3.2)
      rest-client (~> 1.6.0)
    oa-oauth (0.3.2)
      faraday (~> 0.7.3)
      multi_json (~> 1.0.0)
      multi_xml (~> 0.4.0)
      oa-core (= 0.3.2)
      oauth (~> 0.4.0)
      oauth2 (~> 0.5.0)
    oa-openid (0.3.2)
      oa-core (= 0.3.2)
      rack-openid (~> 1.3.1)
      ruby-openid-apps-discovery (~> 1.2.0)
    oauth (0.4.5)
    oauth2 (0.5.2)
      faraday (~> 0.7)
      multi_json (~> 1.0)
    omniauth (0.3.2)
      oa-basic (= 0.3.2)
      oa-core (= 0.3.2)
      oa-enterprise (= 0.3.2)
      oa-more (= 0.3.2)
      oa-oauth (= 0.3.2)
      oa-openid (= 0.3.2)
    polyglot (0.3.3)
    pyu-ruby-sasl (0.0.3.3)
    rack (1.3.6)
    rack-cache (1.1)
      rack (>= 0.4)
    rack-mount (0.8.3)
      rack (>= 1.0.0)
    rack-openid (1.3.1)
      rack (>= 1.1.0)
      ruby-openid (>= 2.1.8)
    rack-ssl (1.3.2)
      rack
    rack-test (0.6.1)
      rack (>= 1.0)
    rails (3.1.3)
      actionmailer (= 3.1.3)
      actionpack (= 3.1.3)
      activerecord (= 3.1.3)
      activeresource (= 3.1.3)
      activesupport (= 3.1.3)
      bundler (~> 1.0)
      railties (= 3.1.3)
    railties (3.1.3)
      actionpack (= 3.1.3)
      activesupport (= 3.1.3)
      rack-ssl (~> 1.3.2)
      rake (>= 0.8.7)
      rdoc (~> 3.4)
      thor (~> 0.14.6)
    raindrops (0.8.0)
    rake (0.9.2.2)
    rdoc (3.12)
      json (~> 1.4)
    rest-client (1.6.7)
      mime-types (>= 1.16)
    rspec (2.8.0)
      rspec-core (~> 2.8.0)
      rspec-expectations (~> 2.8.0)
      rspec-mocks (~> 2.8.0)
    rspec-core (2.8.0)
    rspec-expectations (2.8.0)
      diff-lcs (~> 1.1.2)
    rspec-mocks (2.8.0)
    rspec-rails (2.8.1)
      actionpack (>= 3.0)
      activesupport (>= 3.0)
      railties (>= 3.0)
      rspec (~> 2.8.0)
    ruby-openid (2.1.8)
    ruby-openid-apps-discovery (1.2.0)
      ruby-openid (>= 2.1.7)
    rubyntlm (0.1.1)
    sass (3.1.12)
    sass-rails (3.1.5)
      actionpack (~> 3.1.0)
      railties (~> 3.1.0)
      sass (~> 3.1.10)
      tilt (~> 1.3.2)
    simple_oauth (0.1.5)
    sprockets (2.0.3)
      hike (~> 1.2)
      rack (~> 1.0)
      tilt (~> 1.1, != 1.3.0)
    sqlite3 (1.3.5)
    systemu (2.4.2)
    thor (0.14.6)
    tilt (1.3.3)
    treetop (1.4.10)
      polyglot
      polyglot (>= 0.3.1)
    twitter (2.0.2)
      activesupport (>= 2.3.9, < 4)
      faraday (~> 0.7)
      multi_json (~> 1.0)
      simple_oauth (~> 0.1)
    tzinfo (0.3.31)
    uglifier (1.2.1)
      execjs (>= 0.3.0)
      multi_json (>= 1.0.2)
    unicorn (4.1.1)
      kgio (~> 2.4)
      rack
      raindrops (~> 0.6)
    uuid (2.3.4)
      macaddr (~> 1.0)

PLATFORMS
  ruby

DEPENDENCIES
  angellist_api!
  coffee-rails (~> 3.1.1)
  compass (~> 0.12.alpha.4)
  haml-rails
  jquery-rails
  omniauth
  rails (= 3.1.3)
  rspec-rails
  sass-rails (~> 3.1.5)
  sqlite3
  twitter
  uglifier (>= 1.0.3)
  unicorn
